GIT
  remote: git://github.com/rails/rails.git
  revision: 67444ba1cb237939a8244e980387fe035436e1e5
  specs:
    actionmailer (4.0.0.beta)
      actionpack (= 4.0.0.beta)
      mail (~> 2.5.3)
    actionpack (4.0.0.beta)
      activesupport (= 4.0.0.beta)
      builder (~> 3.1.0)
      erubis (~> 2.7.0)
      rack (~> 1.5.2)
      rack-test (~> 0.6.1)
    activemodel (4.0.0.beta)
      activesupport (= 4.0.0.beta)
      builder (~> 3.1.0)
    activerecord (4.0.0.beta)
      activemodel (= 4.0.0.beta)
      activerecord-deprecated_finders (~> 0.0.3)
      activesupport (= 4.0.0.beta)
      arel (~> 3.0.2)
    activesupport (4.0.0.beta)
      i18n (~> 0.6)
      minitest (~> 4.1)
      multi_json (~> 1.3)
      thread_safe (~> 0.1)
      tzinfo (~> 0.3.33)
    rails (4.0.0.beta)
      actionmailer (= 4.0.0.beta)
      actionpack (= 4.0.0.beta)
      activerecord (= 4.0.0.beta)
      activesupport (= 4.0.0.beta)
      bundler (>= 1.2.2, < 2.0)
      railties (= 4.0.0.beta)
      sprockets-rails (~> 2.0.0.rc1)
    railties (4.0.0.beta)
      actionpack (= 4.0.0.beta)
      activesupport (= 4.0.0.beta)
      rake (>= 0.8.7)
      rdoc (~> 3.4)
      thor (>= 0.17.0, < 2.0)

GIT
  remote: https://github.com/TalentBox/sequel-rails.git
  revision: d394a7a16a8b08f569a303ba3abf367382672c75
  specs:
    sequel-rails (0.4.0.pre3)
      railties (>= 3.2.0)
      sequel (~> 3.28)

GEM
  remote: https://rubygems.org/
  specs:
    activerecord-deprecated_finders (0.0.3)
    arel (3.0.2)
    atomic (1.0.1)
    bacon (1.2.0)
    builder (3.1.4)
    coderay (1.0.8)
    database_cleaner (0.9.1)
    erubis (2.7.0)
    facon (0.5.0)
    haml (3.1.7)
    haml-rails (0.3.5)
      actionpack (>= 3.1, < 4.1)
      activesupport (>= 3.1, < 4.1)
      haml (~> 3.1)
      railties (>= 3.1, < 4.1)
    hike (1.2.1)
    i18n (0.6.1)
    json (1.7.7)
    mail (2.5.3)
      i18n (>= 0.4.0)
      mime-types (~> 1.16)
      treetop (~> 1.4.8)
    method_source (0.8.1)
    mime-types (1.21)
    minitest (4.6.0)
    multi_json (1.5.1)
    nokogiri (1.5.6)
    nori (2.0.3)
    nullobject (0.0.5)
    pg (0.14.1)
    polyglot (0.3.3)
    pry (0.9.11.4)
      coderay (~> 1.0.5)
      method_source (~> 0.8)
      slop (~> 3.4)
    rack (1.5.2)
    rack-test (0.6.2)
      rack (>= 1.0)
    rake (10.0.3)
    rdoc (3.12.1)
      json (~> 1.4)
    sequel (3.44.0)
    slop (3.4.3)
    sprockets (2.8.2)
      hike (~> 1.2)
      multi_json (~> 1.0)
      rack (~> 1.0)
      tilt (~> 1.1, != 1.3.0)
    sprockets-rails (2.0.0.rc2)
      actionpack (>= 3.0)
      activesupport (>= 3.0)
      sprockets (~> 2.8)
    thor (0.17.0)
    thread_safe (0.1.0)
      atomic
    tilt (1.3.3)
    treetop (1.4.12)
      polyglot
      polyglot (>= 0.3.1)
    tzinfo (0.3.35)

PLATFORMS
  ruby

DEPENDENCIES
  bacon
  database_cleaner
  facon
  haml-rails
  nokogiri
  nori
  nullobject
  pg
  pry
  rails!
  sequel
  sequel-rails!
